PATH
  remote: serious
  specs:
    serious (0.3.2)
      builder (>= 2.1.2)
      excon (~> 0.49.0)
      sinatra (>= 1.0.0)
      stupid_formatter (>= 0.2.0)

GEM
  remote: https://rubygems.org/
  specs:
    addressable (2.5.1)
      public_suffix (~> 2.0, >= 2.0.2)
    builder (3.2.3)
    coderay (1.1.1)
    crack (0.4.3)
      safe_yaml (~> 1.0.0)
    ethon (0.10.1)
      ffi (>= 1.3.0)
    excon (0.49.0)
    feedvalidator (0.2.1)
    ffi (1.9.18)
    hashdiff (0.3.4)
    json (2.1.0)
    listen (3.1.5)
      rb-fsevent (~> 0.9, >= 0.9.4)
      rb-inotify (~> 0.9, >= 0.9.7)
      ruby_dep (~> 1.2)
    mustermann (1.0.0)
    power_assert (1.0.2)
    public_suffix (2.0.5)
    puma (3.8.2)
    rack (2.0.3)
    rack-protection (2.0.0)
      rack
    rack-test (0.6.3)
      rack (>= 1.0)
    rake (12.0.0)
    rb-fsevent (0.9.8)
    rb-inotify (0.9.8)
      ffi (>= 0.5.0)
    rdiscount (2.2.0.1)
    rerun (0.11.0)
      listen (~> 3.0)
    ruby_dep (1.5.0)
    safe_yaml (1.0.4)
    sinatra (2.0.0)
      mustermann (~> 1.0)
      rack (~> 2.0)
      rack-protection (= 2.0.0)
      tilt (~> 2.0)
    stupid_formatter (0.2.0)
      coderay (>= 0.9.0)
      rdiscount (>= 1.5.0)
    test-unit (3.2.4)
      power_assert
    tilt (2.0.7)
    typhoeus (1.1.2)
      ethon (>= 0.9.0)
    webmock (3.0.1)
      addressable (>= 2.3.6)
      crack (>= 0.3.2)
      hashdiff

PLATFORMS
  ruby

DEPENDENCIES
  feedvalidator
  json
  puma
  rack-test
  rake
  rerun
  serious!
  test-unit
  typhoeus
  webmock

RUBY VERSION
   ruby 2.4.1p111

BUNDLED WITH
   1.15.0
