PATH
  remote: ./serious
  specs:
    serious (0.3.2)
      builder (>= 2.1.2)
      sinatra (>= 1.0.0)
      stupid_formatter (>= 0.2.0)

GEM
  remote: https://rubygems.org/
  specs:
    builder (3.2.2)
    coderay (1.0.9)
    kgio (2.8.0)
    rack (1.5.2)
    rack-protection (1.5.0)
      rack
    rack-test (0.6.2)
      rack (>= 1.0)
    raindrops (0.11.0)
    rake (10.1.0)
    rdiscount (2.1.6)
    sinatra (1.4.3)
      rack (~> 1.4)
      rack-protection (~> 1.4)
      tilt (~> 1.3, >= 1.3.4)
    stupid_formatter (0.2.0)
      coderay (>= 0.9.0)
      rdiscount (>= 1.5.0)
    test-unit (2.5.5)
    tilt (1.4.1)
    unicorn (4.6.3)
      kgio (~> 2.6)
      rack
      raindrops (~> 0.7)

PLATFORMS
  ruby

DEPENDENCIES
  rack-test
  rake
  serious!
  test-unit
  unicorn
