PATH
  remote: serious
  specs:
    serious (0.3.2)
      builder (>= 2.1.2)
      excon (~> 0.49.0)
      sinatra (>= 1.0.0)
      stupid_formatter (>= 0.2.0)

GEM
  remote: https://rubygems.org/
  specs:
    addressable (2.4.0)
    builder (3.2.2)
    coderay (1.1.1)
    crack (0.4.3)
      safe_yaml (~> 1.0.0)
    ethon (0.9.1)
      ffi (>= 1.3.0)
    excon (0.49.0)
    feedvalidator (0.2.0)
    ffi (1.9.14)
    hashdiff (0.3.0)
    json (2.0.2)
    listen (3.1.5)
      rb-fsevent (~> 0.9, >= 0.9.4)
      rb-inotify (~> 0.9, >= 0.9.7)
      ruby_dep (~> 1.2)
    power_assert (0.3.1)
    puma (3.6.0)
    rack (1.6.4)
    rack-protection (1.5.3)
      rack
    rack-test (0.6.3)
      rack (>= 1.0)
    rake (11.3.0)
    rb-fsevent (0.9.7)
    rb-inotify (0.9.7)
      ffi (>= 0.5.0)
    rdiscount (2.2.0.1)
    rerun (0.11.0)
      listen (~> 3.0)
    ruby_dep (1.4.0)
    safe_yaml (1.0.4)
    sinatra (1.4.7)
      rack (~> 1.5)
      rack-protection (~> 1.4)
      tilt (>= 1.3, < 3)
    stupid_formatter (0.2.0)
      coderay (>= 0.9.0)
      rdiscount (>= 1.5.0)
    test-unit (3.2.1)
      power_assert
    tilt (2.0.5)
    typhoeus (1.1.0)
      ethon (>= 0.9.0)
    webmock (2.1.0)
      addressable (>= 2.3.6)
      crack (>= 0.3.2)
      hashdiff

PLATFORMS
  ruby

DEPENDENCIES
  feedvalidator
  json
  puma
  rack-test
  rake
  rerun
  serious!
  test-unit
  typhoeus
  webmock

RUBY VERSION
   ruby 2.3.1p112

BUNDLED WITH
   1.14.6
