PATH
  remote: serious
  specs:
    serious (0.3.2)
      builder (>= 2.1.2)
      excon (>= 0.49.0)
      sinatra (>= 1.0.0)
      stupid_formatter (>= 0.2.0)

GEM
  remote: https://rubygems.org/
  specs:
    addressable (2.7.0)
      public_suffix (>= 2.0.2, < 5.0)
    builder (3.2.4)
    coderay (1.1.3)
    crack (0.4.5)
      rexml
    ethon (0.12.0)
      ffi (>= 1.3.0)
    excon (0.78.1)
    feedvalidator (0.2.2)
    ffi (1.14.2)
    hashdiff (1.0.1)
    json (2.5.1)
    listen (3.4.0)
      rb-fsevent (~> 0.10, >= 0.10.3)
      rb-inotify (~> 0.9, >= 0.9.10)
    mustermann (1.1.1)
      ruby2_keywords (~> 0.0.1)
    nio4r (2.5.4)
    power_assert (1.2.0)
    public_suffix (4.0.6)
    puma (5.1.1)
      nio4r (~> 2.0)
    rack (2.2.3)
    rack-protection (2.1.0)
      rack
    rack-test (1.1.0)
      rack (>= 1.0, < 3)
    rake (13.0.3)
    rb-fsevent (0.10.4)
    rb-inotify (0.10.1)
      ffi (~> 1.0)
    rdiscount (2.2.0.2)
    rerun (0.13.1)
      listen (~> 3.0)
    rexml (3.2.4)
    ruby2_keywords (0.0.2)
    sinatra (2.1.0)
      mustermann (~> 1.0)
      rack (~> 2.2)
      rack-protection (= 2.1.0)
      tilt (~> 2.0)
    stupid_formatter (0.2.0)
      coderay (>= 0.9.0)
      rdiscount (>= 1.5.0)
    test-unit (3.3.9)
      power_assert
    tilt (2.0.10)
    typhoeus (1.4.0)
      ethon (>= 0.9.0)
    webmock (3.11.0)
      addressable (>= 2.3.6)
      crack (>= 0.3.2)
      hashdiff (>= 0.4.0, < 2.0.0)

PLATFORMS
  x86_64-linux

DEPENDENCIES
  feedvalidator
  json
  puma
  rack-test
  rake
  rerun
  serious!
  test-unit
  typhoeus
  webmock

RUBY VERSION
   ruby 3.0.0p0

BUNDLED WITH
   2.2.3
