PATH
  remote: serious
  specs:
    serious (0.4.0)
      builder (>= 2.1.2)
      commonmarker (>= 1.0.0)
      excon (>= 0.49.0)
      sinatra (>= 1.0.0)
      stupider_formatter (>= 0.3.0)

GEM
  remote: https://rubygems.org/
  specs:
    addressable (2.8.7)
      public_suffix (>= 2.0.2, < 7.0)
    base64 (0.2.0)
    bigdecimal (3.1.8)
    builder (3.3.0)
    coderay (1.1.3)
    commonmarker (1.1.5-aarch64-linux)
    commonmarker (1.1.5-arm64-darwin)
    commonmarker (1.1.5-x86_64-darwin)
    commonmarker (1.1.5-x86_64-linux)
    crack (1.0.0)
      bigdecimal
      rexml
    ethon (0.16.0)
      ffi (>= 1.15.0)
    excon (0.111.0)
    feedvalidator (0.2.2)
    ffi (1.17.0-aarch64-linux-gnu)
    ffi (1.17.0-aarch64-linux-musl)
    ffi (1.17.0-arm64-darwin)
    ffi (1.17.0-x86_64-darwin)
    ffi (1.17.0-x86_64-linux-gnu)
    ffi (1.17.0-x86_64-linux-musl)
    hashdiff (1.1.1)
    json (2.7.2)
    listen (3.9.0)
      rb-fsevent (~> 0.10, >= 0.10.3)
      rb-inotify (~> 0.9, >= 0.9.10)
    mustermann (3.0.1)
      ruby2_keywords (~> 0.0.1)
    nio4r (2.7.3)
    power_assert (2.0.3)
    public_suffix (6.0.1)
    puma (6.4.2)
      nio4r (~> 2.0)
    rack (3.1.7)
    rack-protection (4.0.0)
      base64 (>= 0.1.0)
      rack (>= 3.0.0, < 4)
    rack-session (2.0.0)
      rack (>= 3.0.0)
    rack-test (2.1.0)
      rack (>= 1.3)
    rake (13.2.1)
    rb-fsevent (0.11.2)
    rb-inotify (0.11.1)
      ffi (~> 1.0)
    rdiscount (2.2.7.3)
    rerun (0.14.0)
      listen (~> 3.0)
    rexml (3.3.6)
      strscan
    ruby2_keywords (0.0.5)
    sinatra (4.0.0)
      mustermann (~> 3.0)
      rack (>= 3.0.0, < 4)
      rack-protection (= 4.0.0)
      rack-session (>= 2.0.0, < 3)
      tilt (~> 2.0)
    strscan (3.1.0)
    stupider_formatter (0.3.0)
      coderay (>= 0.9.0)
      rdiscount (>= 1.5.0)
    test-unit (3.6.2)
      power_assert
    tilt (2.4.0)
    typhoeus (1.4.1)
      ethon (>= 0.9.0)
    webmock (3.23.1)
      addressable (>= 2.8.0)
      crack (>= 0.3.2)
      hashdiff (>= 0.4.0, < 2.0.0)

PLATFORMS
  aarch64-linux
  aarch64-linux-gnu
  aarch64-linux-musl
  arm64-darwin
  x86_64-darwin
  x86_64-linux-gnu
  x86_64-linux-musl

DEPENDENCIES
  feedvalidator
  json
  puma
  rack-test
  rake
  rerun
  serious!
  test-unit
  typhoeus
  webmock

RUBY VERSION
   ruby 3.3.4p94

BUNDLED WITH
   2.5.17
