PATH
  remote: serious
  specs:
    serious (0.3.2)
      builder (>= 2.1.2)
      excon (~> 0.49.0)
      sinatra (>= 1.0.0)
      stupid_formatter (>= 0.2.0)

GEM
  remote: https://rubygems.org/
  specs:
    addressable (2.5.2)
      public_suffix (>= 2.0.2, < 4.0)
    builder (3.2.3)
    coderay (1.1.2)
    crack (0.4.3)
      safe_yaml (~> 1.0.0)
    ethon (0.11.0)
      ffi (>= 1.3.0)
    excon (0.49.0)
    feedvalidator (0.2.1)
    ffi (1.9.25)
    hashdiff (0.3.7)
    json (2.1.0)
    listen (3.1.5)
      rb-fsevent (~> 0.9, >= 0.9.4)
      rb-inotify (~> 0.9, >= 0.9.7)
      ruby_dep (~> 1.2)
    mustermann (1.0.3)
    power_assert (1.1.3)
    public_suffix (3.0.3)
    puma (3.12.0)
    rack (2.0.5)
    rack-protection (2.0.3)
      rack
    rack-test (1.1.0)
      rack (>= 1.0, < 3)
    rake (12.3.1)
    rb-fsevent (0.10.3)
    rb-inotify (0.9.10)
      ffi (>= 0.5.0, < 2)
    rdiscount (2.2.0.1)
    rerun (0.13.0)
      listen (~> 3.0)
    ruby_dep (1.5.0)
    safe_yaml (1.0.4)
    sinatra (2.0.3)
      mustermann (~> 1.0)
      rack (~> 2.0)
      rack-protection (= 2.0.3)
      tilt (~> 2.0)
    stupid_formatter (0.2.0)
      coderay (>= 0.9.0)
      rdiscount (>= 1.5.0)
    test-unit (3.2.8)
      power_assert
    tilt (2.0.8)
    typhoeus (1.3.0)
      ethon (>= 0.9.0)
    webmock (3.4.2)
      addressable (>= 2.3.6)
      crack (>= 0.3.2)
      hashdiff

PLATFORMS
  ruby

DEPENDENCIES
  feedvalidator
  json
  puma
  rack-test
  rake
  rerun
  serious!
  test-unit
  typhoeus
  webmock

RUBY VERSION
   ruby 2.5.1p57

BUNDLED WITH
   1.16.4
