PATH
  remote: ./serious
  specs:
    serious (0.3.2)
      builder (>= 2.1.2)
      excon (~> 0.49.0)
      sinatra (>= 1.0.0)
      stupid_formatter (>= 0.2.0)

GEM
  remote: https://rubygems.org/
  specs:
    addressable (2.4.0)
    builder (3.2.2)
    coderay (1.1.1)
    crack (0.4.3)
      safe_yaml (~> 1.0.0)
    ethon (0.8.1)
      ffi (>= 1.3.0)
    excon (0.49.0)
    feedvalidator (0.2.0)
    ffi (1.9.10)
    hashdiff (0.3.0)
    json (1.8.3)
    listen (3.0.6)
      rb-fsevent (>= 0.9.3)
      rb-inotify (>= 0.9.7)
    power_assert (0.2.7)
    puma (3.4.0)
    rack (1.6.4)
    rack-protection (1.5.3)
      rack
    rack-test (0.6.3)
      rack (>= 1.0)
    rake (11.1.2)
    rb-fsevent (0.9.7)
    rb-inotify (0.9.7)
      ffi (>= 0.5.0)
    rdiscount (2.2.0.1)
    rerun (0.11.0)
      listen (~> 3.0)
    safe_yaml (1.0.4)
    sinatra (1.4.7)
      rack (~> 1.5)
      rack-protection (~> 1.4)
      tilt (>= 1.3, < 3)
    stupid_formatter (0.2.0)
      coderay (>= 0.9.0)
      rdiscount (>= 1.5.0)
    test-unit (3.1.8)
      power_assert
    tilt (2.0.4)
    typhoeus (1.0.1)
      ethon (>= 0.8.0)
    webmock (1.24.2)
      addressable (>= 2.3.6)
      crack (>= 0.3.2)
      hashdiff

PLATFORMS
  ruby

DEPENDENCIES
  feedvalidator
  json
  puma
  rack-test
  rake
  rerun
  serious!
  test-unit
  typhoeus
  webmock

BUNDLED WITH
   1.11.2
