PATH
  remote: serious
  specs:
    serious (0.3.3)
      builder (>= 2.1.2)
      excon (>= 0.49.0)
      sinatra (>= 1.0.0)
      stupider_formatter (>= 0.3.0)

GEM
  remote: https://rubygems.org/
  specs:
    addressable (2.8.1)
      public_suffix (>= 2.0.2, < 6.0)
    builder (3.2.4)
    coderay (1.1.3)
    crack (0.4.5)
      rexml
    ethon (0.16.0)
      ffi (>= 1.15.0)
    excon (0.97.2)
    feedvalidator (0.2.2)
    ffi (1.15.5)
    hashdiff (1.0.1)
    json (2.6.3)
    listen (3.8.0)
      rb-fsevent (~> 0.10, >= 0.10.3)
      rb-inotify (~> 0.9, >= 0.9.10)
    mustermann (3.0.0)
      ruby2_keywords (~> 0.0.1)
    nio4r (2.5.8)
    power_assert (2.0.3)
    public_suffix (5.0.1)
    puma (6.0.2)
      nio4r (~> 2.0)
    rack (2.2.6.2)
    rack-protection (3.0.5)
      rack
    rack-test (2.0.2)
      rack (>= 1.3)
    rake (13.0.6)
    rb-fsevent (0.11.2)
    rb-inotify (0.10.1)
      ffi (~> 1.0)
    rdiscount (2.2.7)
    rerun (0.14.0)
      listen (~> 3.0)
    rexml (3.2.5)
    ruby2_keywords (0.0.5)
    sinatra (3.0.5)
      mustermann (~> 3.0)
      rack (~> 2.2, >= 2.2.4)
      rack-protection (= 3.0.5)
      tilt (~> 2.0)
    stupider_formatter (0.3.0)
      coderay (>= 0.9.0)
      rdiscount (>= 1.5.0)
    test-unit (3.5.7)
      power_assert
    tilt (2.0.11)
    typhoeus (1.4.0)
      ethon (>= 0.9.0)
    webmock (3.18.1)
      addressable (>= 2.8.0)
      crack (>= 0.3.2)
      hashdiff (>= 0.4.0, < 2.0.0)

PLATFORMS
  x86_64-linux

DEPENDENCIES
  feedvalidator
  json
  puma
  rack-test
  rake
  rerun
  serious!
  test-unit
  typhoeus
  webmock

RUBY VERSION
   ruby 3.2.0p0

BUNDLED WITH
   2.4.3
