GIT
  remote: https://github.com/bandzoogle/feedvalidator.git
  revision: 13f7361b632a26df217a394b7832492a550969e9
  specs:
    feedvalidator (0.2.0)

PATH
  remote: ./serious
  specs:
    serious (0.3.2)
      builder (>= 2.1.2)
      sinatra (>= 1.0.0)
      stupid_formatter (>= 0.2.0)

GEM
  remote: https://rubygems.org/
  specs:
    addressable (2.3.5)
    builder (3.2.2)
    coderay (1.1.0)
    crack (0.4.1)
      safe_yaml (~> 0.9.0)
    daemon_controller (1.1.8)
    json (1.8.1)
    passenger (4.0.37)
      daemon_controller (>= 1.1.0)
      rack
      rake (>= 0.8.1)
    rack (1.5.2)
    rack-protection (1.5.2)
      rack
    rack-test (0.6.2)
      rack (>= 1.0)
    rake (10.1.1)
    rdiscount (2.1.7)
    safe_yaml (0.9.7)
    sinatra (1.4.4)
      rack (~> 1.4)
      rack-protection (~> 1.4)
      tilt (~> 1.3, >= 1.3.4)
    stupid_formatter (0.2.0)
      coderay (>= 0.9.0)
      rdiscount (>= 1.5.0)
    test-unit (2.5.5)
    tilt (1.4.1)
    webmock (1.17.1)
      addressable (>= 2.2.7)
      crack (>= 0.3.2)

PLATFORMS
  ruby

DEPENDENCIES
  feedvalidator!
  json
  passenger
  rack-test
  rake
  serious!
  test-unit
  webmock
